PATH
  remote: .
  specs:
    lily-components (0.0.2)

GEM
  remote: https://ruby.taobao.org/
  specs:

PLATFORMS
  ruby

DEPENDENCIES
  lily-components!
